GEM
  remote: https://rubygems.org/
  specs:
    activesupport (3.2.8)
      i18n (~> 0.6)
      multi_json (~> 1.0)
    brakeman (1.7.1)
      activesupport
      erubis (~> 2.6)
      fastercsv (~> 1.5)
      haml (~> 3.0)
      highline (~> 1.6)
      i18n
      json_pure
      ruby2ruby (~> 1.2)
      ruby_parser (= 2.3.1)
      sass (~> 3.0)
      terminal-table (~> 1.4)
    builder (3.0.0)
    cane (1.4.0)
    cucumber (1.2.1)
      builder (>= 2.1.2)
      diff-lcs (>= 1.1.3)
      gherkin (~> 2.11.0)
      json (>= 1.4.6)
    diff-lcs (1.1.3)
    erubis (2.7.0)
    fastercsv (1.5.5)
    gherkin (2.11.1)
      json (>= 1.4.6)
    git (1.3.0)
    github-markup (0.7.4)
    haml (3.1.7)
    highline (1.6.13)
    i18n (0.6.0)
    jeweler (1.8.4)
      bundler (~> 1.0)
      git (>= 1.2.5)
      rake
      rdoc
    json (1.8.3)
    json_pure (1.7.4)
    minitest (5.9.0)
    multi_json (1.3.6)
    rake (11.3.0)
    rdoc (4.2.2)
      json (~> 1.4)
    redcarpet (2.1.1)
    ruby2ruby (1.2.5)
      ruby_parser (~> 2.0)
      sexp_processor (~> 3.0)
    ruby_parser (2.3.1)
      sexp_processor (~> 3.0)
    sass (3.2.0)
    sexp_processor (3.2.0)
    simplecov (0.6.4)
      multi_json (~> 1.0)
      simplecov-html (~> 0.5.3)
    simplecov-html (0.5.3)
    terminal-table (1.4.5)
    yard (0.8.2.1)
    yard-cucumber (2.2.0)
      cucumber (>= 0.7.5)
      gherkin (>= 2.2.9)
      yard (>= 0.8.1)

PLATFORMS
  ruby

DEPENDENCIES
  brakeman
  cane
  cucumber
  github-markup
  jeweler
  minitest
  rake
  redcarpet
  simplecov
  yard
  yard-cucumber

RUBY VERSION
   ruby 2.2.3p173

BUNDLED WITH
   1.13.1
